GEM
  remote: http://rubygems.org/
  specs:
    actionmailer (2.3.8)
      actionpack (= 2.3.8)
    actionpack (2.3.8)
      activesupport (= 2.3.8)
      rack (~> 1.1.0)
    activerecord (2.3.8)
      activesupport (= 2.3.8)
    activeresource (2.3.8)
      activesupport (= 2.3.8)
    activesupport (2.3.8)
    authlogic (2.1.6)
      activesupport
    faker (0.3.1)
    haml (2.2.24)
    jrails (0.6.0)
    machinist (1.0.6)
    pg (0.9.0)
    rack (1.1.0)
    rails (2.3.8)
      actionmailer (= 2.3.8)
      actionpack (= 2.3.8)
      activerecord (= 2.3.8)
      activeresource (= 2.3.8)
      activesupport (= 2.3.8)
      rake (>= 0.8.3)
    rake (0.8.7)
    rspec (1.3.1)
    rspec-rails (1.3.3)
      rack (>= 1.0.0)
      rspec (= 1.3.1)
    simple-navigation (2.5.4)
    sqlite3-ruby (1.3.1)

PLATFORMS
  ruby

DEPENDENCIES
  authlogic (~> 2.1.6)
  faker (~> 0.3.1)
  haml (~> 2.2.24)
  jrails (~> 0.6)
  machinist (~> 1.0.6)
  pg
  rails (= 2.3.8)
  rspec (~> 1.3.0)
  rspec-rails (~> 1.3.2)
  simple-navigation (~> 2.5.3)
  sqlite3-ruby
